GEM
  remote: https://rubygems.org/
  specs:
    nokogiri (1.15.2-x86_64-linux)
      racc (~> 1.4)
    racc (1.7.1)

PLATFORMS
  x86_64-linux-musl

DEPENDENCIES
  nokogiri (~> 1.15)

BUNDLED WITH
   2.4.6
